PATH
  remote: .
  specs:
    graphql_client_f (1.0.0)
      faraday (~> 2.7)

GEM
  remote: https://rubygems.org/
  specs:
    faraday (2.7.10)
      faraday-net_http (>= 2.0, < 3.1)
      ruby2_keywords (>= 0.0.4)
    faraday-net_http (3.0.2)
    minitest (5.14.3)
    rake (13.0.3)
    ruby2_keywords (0.0.4)

PLATFORMS
  arm64-darwin-22

DEPENDENCIES
  graphql_client_f!
  minitest (~> 5.0)
  rake (~> 13.0)

BUNDLED WITH
   2.4.16
