PATH
  remote: .
  specs:
    graphql_client_f (0.3.0)
      faraday (~> 1.3)

GEM
  remote: https://rubygems.org/
  specs:
    faraday (1.3.0)
      faraday-net_http (~> 1.0)
      multipart-post (>= 1.2, < 3)
      ruby2_keywords
    faraday-net_http (1.0.1)
    minitest (5.14.3)
    multipart-post (2.1.1)
    rake (13.0.3)
    ruby2_keywords (0.0.4)

PLATFORMS
  arm64-darwin-22

DEPENDENCIES
  graphql_client_f!
  minitest (~> 5.0)
  rake (~> 13.0)

BUNDLED WITH
   2.4.16
